GEM
  remote: https://rubygems.org/
  specs:
    aws-eventstream (1.2.0)
    aws-partitions (1.649.0)
    aws-sdk-core (3.163.0)
      aws-eventstream (~> 1, >= 1.0.2)
      aws-partitions (~> 1, >= 1.525.0)
      aws-sigv4 (~> 1.1)
      jmespath (~> 1, >= 1.6.1)
    aws-sdk-polly (1.58.0)
      aws-sdk-core (~> 3, >= 3.127.0)
      aws-sigv4 (~> 1.1)
    aws-sigv4 (1.5.2)
      aws-eventstream (~> 1, >= 1.0.2)
    jmespath (1.6.1)
    nokogiri (1.15.2-x86_64-darwin)
      racc (~> 1.4)
    racc (1.7.0)
    wavefile (1.1.1)

PLATFORMS
  x86_64-darwin-19
  x86_64-darwin-22

DEPENDENCIES
  aws-sdk-polly
  nokogiri (~> 1.15, >= 1.15.2)
  wavefile

BUNDLED WITH
   2.3.12
